GEM
  remote: http://rubygems.org/
  specs:
    POpen4 (0.1.4)
      Platform (>= 0.4.0)
      open4
    Platform (0.4.0)
    addressable (2.2.8)
    capistrano (2.12.0)
      highline
      net-scp (>= 1.0.0)
      net-sftp (>= 2.0.0)
      net-ssh (>= 2.0.14)
      net-ssh-gateway (>= 1.1.0)
    chunky_png (1.2.5)
    coffee-script (2.2.0)
      coffee-script-source
      execjs
    coffee-script-source (1.3.3)
    compass (0.12.2)
      chunky_png (~> 1.2)
      fssm (>= 0.2.7)
      sass (~> 3.1)
    excon (0.15.4)
    execjs (1.4.0)
      multi_json (~> 1.0)
    fssm (0.2.9)
    heroku (2.29.0)
      heroku-api (~> 0.2.13)
      launchy (>= 0.3.2)
      netrc (~> 0.7.5)
      rest-client (~> 1.6.1)
      rubyzip
    heroku-api (0.2.13)
      excon (~> 0.15.4)
    highline (1.6.13)
    hike (1.2.1)
    json (1.7.3)
    launchy (2.1.0)
      addressable (~> 2.2.6)
    mime-types (1.19)
    multi_json (1.3.6)
    mustache (0.99.4)
    net-scp (1.0.4)
      net-ssh (>= 1.99.1)
    net-sftp (2.0.5)
      net-ssh (>= 2.0.9)
    net-ssh (2.5.2)
    net-ssh-gateway (1.1.0)
      net-ssh (>= 1.99.1)
    netrc (0.7.5)
    open4 (1.3.0)
    rack (1.4.1)
    rake (0.9.2.2)
    rest-client (1.6.7)
      mime-types (>= 1.16)
    rubyzip (0.9.9)
    sass (3.1.20)
    sprockets (2.4.5)
      hike (~> 1.2)
      multi_json (~> 1.0)
      rack (~> 1.0)
      tilt (~> 1.1, != 1.3.0)
    sprockets-sass (0.9.0)
      sprockets (~> 2.0)
      tilt (~> 1.1)
    tilt (1.3.3)
    uglifier (1.2.6)
      execjs (>= 0.3.0)
      multi_json (~> 1.3)
    yui-compressor (0.9.6)
      POpen4 (>= 0.1.4)

PLATFORMS
  ruby

DEPENDENCIES
  capistrano
  coffee-script
  compass
  heroku
  json
  mustache
  rack
  rake
  sprockets
  sprockets-sass
  uglifier
  yui-compressor
